GIT
  remote: https://github.com/jmazzi/crypt_keeper.git
  revision: 1a1d7fe4f3ff4da86c530c90c5da2b99aeb467a9
  specs:
    crypt_keeper (2.3.0)
      activerecord (~> 7.0.0, >= 4.2)
      activesupport (~> 7.0.0, >= 4.2)

PATH
  remote: .
  specs:
    rails-transactional-outbox (1.2.0)
      activerecord (>= 5)
      activesupport (>= 3.2)
      concurrent-ruby
      dogstatsd-ruby
      dry-monitor
      file-based-healthcheck
      sidekiq (>= 5.0)
      sidekiq-cron
      sigurd
      zeitwerk

GEM
  remote: https://rubygems.org/
  specs:
    activemodel (7.0.3.1)
      activesupport (= 7.0.3.1)
    activerecord (7.0.3.1)
      activemodel (= 7.0.3.1)
      activesupport (= 7.0.3.1)
    activesupport (7.0.3.1)
      concurrent-ruby (~> 1.0, >= 1.0.2)
      i18n (>= 1.6, < 2)
      minitest (>= 5.1)
      tzinfo (~> 2.0)
    ast (2.4.2)
    concurrent-ruby (1.1.10)
    connection_pool (2.4.1)
    cronex (0.15.0)
      tzinfo
      unicode (>= 0.4.4.5)
    datadog (2.14.0)
      datadog-ruby_core_source (~> 3.4)
      libdatadog (~> 16.0.1.1.0)
      libddwaf (~> 1.21.0.0.1)
      logger
      msgpack
    datadog-ruby_core_source (3.4.0)
    diff-lcs (1.5.0)
    dogstatsd-ruby (5.6.6)
    dry-configurable (1.3.0)
      dry-core (~> 1.1)
      zeitwerk (~> 2.6)
    dry-core (1.1.0)
      concurrent-ruby (~> 1.0)
      logger
      zeitwerk (~> 2.6)
    dry-events (1.1.0)
      concurrent-ruby (~> 1.0)
      dry-core (~> 1.1)
    dry-monitor (1.0.1)
      dry-configurable (~> 1.0, < 2)
      dry-core (~> 1.0, < 2)
      dry-events (~> 1.0, < 2)
    et-orbi (1.2.11)
      tzinfo
    exponential-backoff (0.0.4)
    ffi (1.17.1-arm64-darwin)
    ffi (1.17.1-x86_64-darwin)
    ffi (1.17.1-x86_64-linux-gnu)
    file-based-healthcheck (0.3.0)
      activesupport (>= 3.2)
    fugit (1.11.1)
      et-orbi (~> 1, >= 1.2.11)
      raabro (~> 1.4)
    globalid (1.2.1)
      activesupport (>= 6.1)
    i18n (1.12.0)
      concurrent-ruby (~> 1.0)
    json (2.6.2)
    libdatadog (16.0.1.1.0)
    libdatadog (16.0.1.1.0-x86_64-linux)
    libddwaf (1.21.0.0.1-arm64-darwin)
      ffi (~> 1.0)
    libddwaf (1.21.0.0.1-x86_64-darwin)
      ffi (~> 1.0)
    libddwaf (1.21.0.0.1-x86_64-linux)
      ffi (~> 1.0)
    logger (1.7.0)
    minitest (5.16.3)
    msgpack (1.8.0)
    parallel (1.22.1)
    parser (3.1.2.1)
      ast (~> 2.4.1)
    pg (1.4.3)
    raabro (1.4.0)
    rack (2.2.9)
    rainbow (3.1.1)
    rake (13.0.6)
    redis (4.8.0)
    redis-namespace (1.11.0)
      redis (>= 4)
    redlock (1.3.0)
      redis (>= 3.0.0, < 6.0)
    regexp_parser (2.5.0)
    rexml (3.2.5)
    rspec (3.11.0)
      rspec-core (~> 3.11.0)
      rspec-expectations (~> 3.11.0)
      rspec-mocks (~> 3.11.0)
    rspec-core (3.11.0)
      rspec-support (~> 3.11.0)
    rspec-expectations (3.11.0)
      diff-lcs (>= 1.2.0, < 2.0)
      rspec-support (~> 3.11.0)
    rspec-mocks (3.11.1)
      diff-lcs (>= 1.2.0, < 2.0)
      rspec-support (~> 3.11.0)
    rspec-sidekiq (5.0.0)
      rspec-core (~> 3.0)
      rspec-expectations (~> 3.0)
      rspec-mocks (~> 3.0)
      sidekiq (>= 5, < 8)
    rspec-support (3.11.0)
    rubocop (1.35.1)
      json (~> 2.3)
      parallel (~> 1.10)
      parser (>= 3.1.2.1)
      rainbow (>= 2.2.2, < 4.0)
      regexp_parser (>= 1.8, < 3.0)
      rexml (>= 3.2.5, < 4.0)
      rubocop-ast (>= 1.20.1, < 2.0)
      ruby-progressbar (~> 1.7)
      unicode-display_width (>= 1.4.0, < 3.0)
    rubocop-ast (1.21.0)
      parser (>= 3.1.1.0)
    rubocop-performance (1.14.3)
      rubocop (>= 1.7.0, < 2.0)
      rubocop-ast (>= 0.4.0)
    rubocop-rake (0.6.0)
      rubocop (~> 1.0)
    rubocop-rspec (2.12.1)
      rubocop (~> 1.31)
    ruby-progressbar (1.11.0)
    sentry-ruby (5.4.1)
      concurrent-ruby (~> 1.0, >= 1.0.2)
    sidekiq (6.5.12)
      connection_pool (>= 2.2.5, < 3)
      rack (~> 2.0)
      redis (>= 4.5.0, < 5)
    sidekiq-cron (2.2.0)
      cronex (>= 0.13.0)
      fugit (~> 1.8, >= 1.11.1)
      globalid (>= 1.0.1)
      sidekiq (>= 6.5.0)
    sigurd (0.1.0)
      concurrent-ruby (~> 1)
      exponential-backoff
    timecop (0.9.5)
    tzinfo (2.0.5)
      concurrent-ruby (~> 1.0)
    unicode (0.4.4.5)
    unicode-display_width (2.2.0)
    zeitwerk (2.7.2)

PLATFORMS
  arm64-darwin-22
  x86_64-darwin-18
  x86_64-darwin-21
  x86_64-linux

DEPENDENCIES
  crypt_keeper!
  datadog
  pg
  rails-transactional-outbox!
  rake (~> 13.0)
  redis-namespace
  redlock
  rspec (~> 3.0)
  rspec-sidekiq
  rubocop
  rubocop-performance
  rubocop-rake
  rubocop-rspec
  sentry-ruby
  timecop

BUNDLED WITH
   2.2.11
